GEM
  remote: https://rubygems.org/
  specs:
    activemodel (5.2.3)
      activesupport (= 5.2.3)
    activerecord (5.2.3)
      activemodel (= 5.2.3)
      activesupport (= 5.2.3)
      arel (>= 9.0)
    activerecord-rack (1.0.0)
      activerecord (~> 5.0)
      rack
    activesupport (5.2.3)
      concurrent-ruby (~> 1.0, >= 1.0.2)
      i18n (>= 0.7, < 2)
      minitest (~> 5.1)
      tzinfo (~> 1.1)
    arel (9.0.0)
    bcrypt (3.1.13)
    coderay (1.1.2)
    concurrent-ruby (1.1.5)
    cuba (3.9.2)
      rack (>= 1.6.0)
    cuba-flash (1.0)
    et-orbi (1.2.2)
      tzinfo
    ffi (1.11.1)
    fugit (1.3.3)
      et-orbi (~> 1.1, >= 1.1.8)
      raabro (~> 1.1)
    i18n (1.6.0)
      concurrent-ruby (~> 1.0)
    i2c-devices (0.0.6)
    listen (3.1.5)
      rb-fsevent (~> 0.9, >= 0.9.4)
      rb-inotify (~> 0.9, >= 0.9.7)
      ruby_dep (~> 1.2)
    method_source (0.9.2)
    minitest (5.11.3)
    nio4r (2.5.1)
    pry (0.12.2)
      coderay (~> 1.1.0)
      method_source (~> 0.9.0)
    puma (4.1.0)
      nio4r (~> 2.0)
    raabro (1.1.6)
    rack (2.2.3)
    rake (12.3.3)
    rb-fsevent (0.10.3)
    rb-inotify (0.10.0)
      ffi (~> 1.0)
    rpi_gpio (0.3.3)
    ruby-termios (1.0.2)
    ruby_dep (1.5.0)
    rufus-scheduler (3.6.0)
      fugit (~> 1.1, >= 1.1.6)
    sqlite3 (1.4.1)
    thread_safe (0.3.6)
    tilt (2.0.9)
    tzinfo (1.2.5)
      thread_safe (~> 0.1)
    uart (1.0.0)
      ruby-termios

PLATFORMS
  ruby

DEPENDENCIES
  activerecord
  activerecord-rack
  bcrypt (~> 3.1.7)
  cuba
  cuba-flash
  i2c-devices
  listen (~> 3.0)
  pry
  puma
  rake
  rpi_gpio
  rufus-scheduler
  sqlite3
  tilt
  uart

BUNDLED WITH
   2.0.2
